GEM
  remote: https://rubygems.org/
  specs:
    bootstrap-sass (3.3.1.0)
      sass (~> 3.2)
    chunky_png (1.3.3)
    compass (0.12.7)
      chunky_png (~> 1.2)
      fssm (>= 0.2.7)
      sass (~> 3.2.19)
    font-awesome-sass (4.2.2)
      sass (~> 3.2)
    fssm (0.2.10)
    sass (3.2.19)

PLATFORMS
  ruby
  x86-mingw32

DEPENDENCIES
  bootstrap-sass (~> 3.3.1)
  compass (~> 0.12)
  font-awesome-sass (~> 4.2.2)
  sass (~> 3.2.0)
